GEM
  remote: http://rubygems.org/
  specs:
    activesupport (3.0.1)
    daemons (1.1.0)
    delayed_job (2.0.3)
      daemons
    factory_girl (1.3.2)
    gemcutter (0.6.1)
    git (1.2.5)
    i18n (0.4.2)
    jeweler (1.4.0)
      gemcutter (>= 0.1.0)
      git (>= 1.2.5)
      rubyforge (>= 2.0.0)
    json_pure (1.4.6)
    mime-types (1.16)
    mocha (0.9.9)
      rake
    rack (1.2.1)
    rake (0.8.7)
    rest-client (1.6.1)
      mime-types (>= 1.16)
    rspec (1.3.1)
    rubyforge (2.0.4)
      json_pure (>= 1.1.7)
    yajl-ruby (0.7.8)

PLATFORMS
  ruby

DEPENDENCIES
  activesupport
  delayed_job (< 2.1.0)
  factory_girl
  i18n
  jeweler
  mocha
  rack (> 1.0.0)
  rest-client (~> 1.6.0)
  rspec (< 2.0.0)
  yajl-ruby (~> 0.7.7)
